GEM
  remote: https://rubygems.org/
  specs:
    dotenv (2.6.0)
    jwt (2.1.0)
    mustermann (1.0.3)
    nexmo (5.5.0)
      jwt (~> 2)
    rack (2.0.6)
    rack-protection (2.0.5)
      rack
    sinatra (2.0.5)
      mustermann (~> 1.0)
      rack (~> 2.0)
      rack-protection (= 2.0.5)
      tilt (~> 2.0)
    tilt (2.0.9)

PLATFORMS
  ruby

DEPENDENCIES
  dotenv
  nexmo
  sinatra

BUNDLED WITH
   1.17.2
