GEM
  remote: https://rubygems.org/
  specs:
    dotenv (2.4.0)
    jwt (2.1.0)
    mustermann (1.0.2)
    nexmo (5.0.2)
      jwt
    rack (2.0.5)
    rack-protection (2.0.1)
      rack
    sinatra (2.0.1)
      mustermann (~> 1.0)
      rack (~> 2.0)
      rack-protection (= 2.0.1)
      tilt (~> 2.0)
    tilt (2.0.8)

PLATFORMS
  ruby

DEPENDENCIES
  dotenv
  nexmo
  sinatra

BUNDLED WITH
   1.16.1
